GEM
  remote: https://rubygems.org/
  specs:
    kramdown (2.2.1)
      rexml
    mini_portile2 (2.4.0)
    nokogiri (1.10.9)
      mini_portile2 (~> 2.4.0)
    rexml (3.2.4)
    spud (0.1.17)

PLATFORMS
  ruby

DEPENDENCIES
  kramdown (~> 2.2)
  nokogiri (~> 1.10)
  spud (~> 0.1.17)

BUNDLED WITH
   2.1.4
